GIT
  remote: https://github.com/37signals/mail_view.git
  revision: 35ca575d6fa4b0410c3bf1d356677585f0a76de1
  specs:
    mail_view (2.0.1)
      tilt

GEM
  remote: https://rubygems.org/
  specs:
    actionmailer (3.2.11)
      actionpack (= 3.2.11)
      mail (~> 2.4.4)
    actionpack (3.2.11)
      activemodel (= 3.2.11)
      activesupport (= 3.2.11)
      builder (~> 3.0.0)
      erubis (~> 2.7.0)
      journey (~> 1.0.4)
      rack (~> 1.4.0)
      rack-cache (~> 1.2)
      rack-test (~> 0.6.1)
      sprockets (~> 2.2.1)
    active_attr (0.7.0)
      activemodel (>= 3.0.2, < 4.1)
      activesupport (>= 3.0.2, < 4.1)
    active_model_serializers (0.8.1)
      activemodel (>= 3.0)
    activemodel (3.2.11)
      activesupport (= 3.2.11)
      builder (~> 3.0.0)
    activerecord (3.2.11)
      activemodel (= 3.2.11)
      activesupport (= 3.2.11)
      arel (~> 3.0.2)
      tzinfo (~> 0.3.29)
    activeresource (3.2.11)
      activemodel (= 3.2.11)
      activesupport (= 3.2.11)
    activesupport (3.2.11)
      i18n (~> 0.6)
      multi_json (~> 1.0)
    acts_as_list (0.1.9)
    addressable (2.3.3)
    arel (3.0.2)
    barber (0.4.2)
      ember-source
      execjs
      handlebars-source
    bcrypt-ruby (3.0.1)
    better_errors (0.7.0)
      coderay (>= 1.0.0)
      erubis (>= 2.6.6)
    binding_of_caller (0.7.1)
      debug_inspector (>= 0.0.1)
    bootstrap-sass (2.3.0.1)
      sass (~> 3.2)
    bootstrap-wysihtml5-rails (0.3.1.20)
      railties (>= 3.0)
    builder (3.0.4)
    cancan (1.6.9)
    capybara (2.0.2)
      mime-types (>= 1.16)
      nokogiri (>= 1.3.3)
      rack (>= 1.0.0)
      rack-test (>= 0.5.4)
      selenium-webdriver (~> 2.0)
      xpath (~> 1.0.0)
    carrierwave (0.8.0)
      activemodel (>= 3.2.0)
      activesupport (>= 3.2.0)
    childprocess (0.3.8)
      ffi (~> 1.0, >= 1.0.11)
    chosen-rails (0.9.14)
      coffee-rails (>= 3.2)
      railties (>= 3.0)
      sass-rails (>= 3.2)
    coderay (1.0.9)
    coffee-rails (3.2.2)
      coffee-script (>= 2.2.0)
      railties (~> 3.2.0)
    coffee-script (2.2.0)
      coffee-script-source
      execjs
    coffee-script-source (1.4.0)
    cucumber (1.2.1)
      builder (>= 2.1.2)
      diff-lcs (>= 1.1.3)
      gherkin (~> 2.11.0)
      json (>= 1.4.6)
    cucumber-rails (1.3.0)
      capybara (>= 1.1.2)
      cucumber (>= 1.1.8)
      nokogiri (>= 1.5.0)
    daemons (1.1.9)
    database_cleaner (0.9.1)
    debug_inspector (0.0.2)
    delayed_job (4.0.0)
      activesupport (>= 3.0, < 4.1)
    delayed_job_active_record (4.0.0)
      activerecord (>= 3.0, < 4.1)
      delayed_job (>= 3.0, < 4.1)
    devise (2.2.3)
      bcrypt-ruby (~> 3.0)
      orm_adapter (~> 0.1)
      railties (~> 3.1)
      warden (~> 1.2.1)
    diff-lcs (1.1.3)
    email_spec (1.4.0)
      launchy (~> 2.1)
      mail (~> 2.2)
    ember-data-source (0.14)
      ember-source
    ember-rails (0.13.0)
      active_model_serializers
      barber (>= 0.4.1)
      ember-data-source
      ember-source
      execjs (>= 1.2)
      handlebars-source
      railties (>= 3.1)
    ember-source (1.0.0)
      handlebars-source (= 1.0.12)
    erubis (2.7.0)
    eventmachine (1.0.0)
    excon (0.22.1)
    execjs (1.4.0)
      multi_json (~> 1.0)
    factory_girl (4.2.0)
      activesupport (>= 3.0.0)
    factory_girl_rails (4.2.1)
      factory_girl (~> 4.2.0)
      railties (>= 3.0.0)
    fattr (2.2.1)
    ffi (1.4.0)
    figaro (0.5.4)
      rails (~> 3.0)
    fog (1.11.1)
      builder
      excon (~> 0.20)
      formatador (~> 0.2.0)
      json (~> 1.7)
      mime-types
      net-scp (~> 1.1)
      net-ssh (>= 2.1.3)
      nokogiri (~> 1.5.0)
      ruby-hmac
    font-awesome-sass-rails (3.0.2.2)
      railties (>= 3.1.1)
      sass-rails (>= 3.1.1)
    formatador (0.2.4)
    friendly_id (4.0.9)
    gherkin (2.11.6)
      json (>= 1.7.6)
    haml (4.0.0)
      tilt
    haml-rails (0.4)
      actionpack (>= 3.1, < 4.1)
      activesupport (>= 3.1, < 4.1)
      haml (>= 3.1, < 4.1)
      railties (>= 3.1, < 4.1)
    handlebars-source (1.0.12)
    heroku-api (0.3.11)
      excon (~> 0.22.1)
    hike (1.2.1)
    hpricot (0.8.6)
    html2haml (1.0.1)
      erubis (~> 2.7.0)
      haml (>= 4.0.0.rc.1)
      hpricot (~> 0.8.6)
      ruby_parser (~> 3.1.1)
    i18n (0.6.1)
    journey (1.0.4)
    jquery-rails (2.3.0)
      railties (>= 3.0, < 5.0)
      thor (>= 0.14, < 2.0)
    json (1.7.7)
    launchy (2.2.0)
      addressable (~> 2.3)
    letter_opener (1.1.0)
      launchy (~> 2.2.0)
    mail (2.4.4)
      i18n (>= 0.4.0)
      mime-types (~> 1.16)
      treetop (~> 1.4.8)
    meta_request (0.2.2)
      rack-contrib
      railties
    mime-types (1.23)
    multi_json (1.7.4)
    net-scp (1.1.1)
      net-ssh (>= 2.6.5)
    net-ssh (2.6.7)
    newrelic_rpm (3.5.7.59)
    nokogiri (1.5.6)
    orm_adapter (0.4.0)
    pg (0.14.1)
    polyglot (0.3.3)
    quiet_assets (1.0.2)
      railties (>= 3.1, < 5.0)
    rack (1.4.5)
    rack-cache (1.2)
      rack (>= 0.4)
    rack-contrib (1.1.0)
      rack (>= 0.9.1)
    rack-ssl (1.3.3)
      rack
    rack-test (0.6.2)
      rack (>= 1.0)
    rails (3.2.11)
      actionmailer (= 3.2.11)
      actionpack (= 3.2.11)
      activerecord (= 3.2.11)
      activeresource (= 3.2.11)
      activesupport (= 3.2.11)
      bundler (~> 1.0)
      railties (= 3.2.11)
    railties (3.2.11)
      actionpack (= 3.2.11)
      activesupport (= 3.2.11)
      rack-ssl (~> 1.3.2)
      rake (>= 0.8.7)
      rdoc (~> 3.4)
      thor (>= 0.14.6, < 2.0)
    rake (10.0.3)
    rdoc (3.12.1)
      json (~> 1.4)
    rest-client (1.6.7)
      mime-types (>= 1.16)
    rmagick (2.13.2)
    rolify (3.2.0)
    rspec-core (2.12.2)
    rspec-expectations (2.12.1)
      diff-lcs (~> 1.1.3)
    rspec-mocks (2.12.2)
    rspec-rails (2.12.2)
      actionpack (>= 3.0)
      activesupport (>= 3.0)
      railties (>= 3.0)
      rspec-core (~> 2.12.0)
      rspec-expectations (~> 2.12.0)
      rspec-mocks (~> 2.12.0)
    ruby-hmac (0.4.0)
    ruby_parser (3.1.1)
      sexp_processor (~> 4.1)
    rubyzip (0.9.9)
    rush (0.6.8)
      session
    sass (3.2.6)
    sass-rails (3.2.6)
      railties (~> 3.2.0)
      sass (>= 3.1.10)
      tilt (~> 1.3)
    selenium-webdriver (2.30.0)
      childprocess (>= 0.2.5)
      multi_json (~> 1.0)
      rubyzip
      websocket (~> 1.0.4)
    session (3.1.0)
      fattr
    sexp_processor (4.1.5)
    simple_form (2.0.4)
      actionpack (~> 3.0)
      activemodel (~> 3.0)
    sprockets (2.2.2)
      hike (~> 1.2)
      multi_json (~> 1.0)
      rack (~> 1.0)
      tilt (~> 1.1, != 1.3.0)
    sqlite3 (1.3.7)
    stripe (1.8.3)
      multi_json (>= 1.0.4, < 2)
      rest-client (~> 1.4)
    stripe_event (0.5.0)
      rails (~> 3.1)
      stripe (~> 1.6)
    thin (1.5.0)
      daemons (>= 1.0.9)
      eventmachine (>= 0.12.6)
      rack (>= 1.0.0)
    thor (0.17.0)
    tilt (1.3.3)
    treetop (1.4.12)
      polyglot
      polyglot (>= 0.3.1)
    tzinfo (0.3.35)
    uglifier (1.3.0)
      execjs (>= 0.3.0)
      multi_json (~> 1.0, >= 1.0.2)
    warden (1.2.1)
      rack (>= 1.0)
    websocket (1.0.7)
    workless (1.1.3)
      delayed_job (>= 2.0.7)
      heroku-api
      rails
      rush
    xpath (1.0.0)
      nokogiri (~> 1.3)

PLATFORMS
  ruby

DEPENDENCIES
  active_attr
  acts_as_list
  better_errors (>= 0.6.0)
  binding_of_caller (>= 0.7.1)
  bootstrap-sass (>= 2.3.0.0)
  bootstrap-wysihtml5-rails
  cancan (>= 1.6.8)
  capybara (>= 2.0.2)
  carrierwave
  chosen-rails
  coffee-rails (~> 3.2.1)
  cucumber-rails (>= 1.3.0)
  database_cleaner (>= 0.9.1)
  delayed_job_active_record
  devise (>= 2.2.3)
  email_spec (>= 1.4.0)
  ember-rails
  factory_girl_rails (>= 4.2.0)
  figaro (>= 0.5.3)
  fog
  font-awesome-sass-rails
  friendly_id
  haml-rails (>= 0.4)
  html2haml (>= 1.0.1)
  jquery-rails (~> 2.3.0)
  launchy (>= 2.2.0)
  letter_opener
  mail_view!
  meta_request
  newrelic_rpm
  pg
  quiet_assets (>= 1.0.1)
  rails (= 3.2.11)
  rmagick
  rolify (>= 3.2.0)
  rspec-rails (>= 2.12.2)
  sass-rails (~> 3.2.3)
  simple_form (>= 2.0.4)
  sqlite3
  stripe (>= 1.8.3)
  stripe_event (>= 0.4.0)
  thin (>= 1.5.0)
  uglifier (>= 1.0.3)
  workless (~> 1.1.3)
